GEM
  remote: https://rubygems.org/
  specs:
    gosu (0.10.4)
    gosu_grid (0.0.1)
      gosu

PLATFORMS
  ruby

DEPENDENCIES
  gosu
  gosu_grid

BUNDLED WITH
   1.10.6
